FRAMEWORK: >= NET40
NUGET
  remote: https://www.nuget.org/api/v2
  specs:
    FsControl (2.0.0-CI00087)
